GEM
  remote: https://rubygems.org/
  specs:
    activesupport (6.1.7.5)
      concurrent-ruby (~> 1.0, >= 1.0.2)
      i18n (>= 1.6, < 2)
      minitest (>= 5.1)
      tzinfo (~> 2.0)
      zeitwerk (~> 2.3)
    concurrent-ruby (1.2.3)
    faraday (0.8.7)
      multipart-post (~> 1.1)
    i18n (1.14.4)
      concurrent-ruby (~> 1.0)
    iconv (1.0.4)
    mail (2.5.3)
      i18n (>= 0.4.0)
      mime-types (~> 1.16)
      treetop (~> 1.4.8)
    mime-types (1.23)
    minitest (5.22.2)
    multi_json (1.15.0)
    multipart-post (1.2.0)
    oj (1.3.7)
    polyglot (0.3.3)
    simple_oauth (0.2.0)
    treetop (1.4.14)
      polyglot
      polyglot (>= 0.3.1)
    twitter (4.8.0)
      faraday (~> 0.8, < 0.10)
      multi_json (~> 1.0)
      simple_oauth (~> 0.2)
    tzinfo (2.0.6)
      concurrent-ruby (~> 1.0)
    zeitwerk (2.6.13)

PLATFORMS
  ruby

DEPENDENCIES
  activesupport
  iconv
  mail (= 2.5.3)
  oj (~> 1.3.4)
  twitter

BUNDLED WITH
   1.10.6
